GEM
  remote: https://rubygems.org/
  specs:
    backports (3.11.3)
    coderay (1.1.2)
    docile (1.3.0)
    json (2.1.0)
    method_source (0.9.0)
    minitest (5.11.3)
    minitest-ci (3.4.0)
      minitest (>= 5.0.6)
    multi_json (1.13.1)
    mustermann (1.0.2)
    pry (0.11.3)
      coderay (~> 1.1.0)
      method_source (~> 0.9.0)
    pry-remote (0.1.8)
      pry (~> 0.9)
      slop (~> 3.0)
    puma (3.11.4)
    rack (2.0.5)
    rack-protection (2.0.1)
      rack
    rack-test (0.8.2)
      rack (>= 1.0, < 3)
    rake (12.3.1)
    simplecov (0.16.1)
      docile (~> 1.1)
      json (>= 1.8, < 3)
      simplecov-html (~> 0.10.0)
    simplecov-html (0.10.2)
    sinatra (2.0.1)
      mustermann (~> 1.0)
      rack (~> 2.0)
      rack-protection (= 2.0.1)
      tilt (~> 2.0)
    sinatra-contrib (2.0.1)
      backports (>= 2.0)
      multi_json
      mustermann (~> 1.0)
      rack-protection (= 2.0.1)
      sinatra (= 2.0.1)
      tilt (>= 1.3, < 3)
    slop (3.6.0)
    tilt (2.0.8)

PLATFORMS
  ruby

DEPENDENCIES
  minitest
  minitest-ci
  pry
  pry-remote
  puma
  rack-test
  rake
  simplecov
  sinatra
  sinatra-contrib

BUNDLED WITH
   1.16.1
